GEM
  remote: http://rubygems.org/
  specs:
    addressable (2.3.5)
    diff-lcs (1.2.4)
    em-websocket (0.3.8)
      addressable (>= 2.1.1)
      eventmachine (>= 0.12.9)
    eventmachine (1.0.3)
    eventmachine-tail (0.6.4)
      eventmachine
    eventmachine_httpserver (0.2.1)
    rake (10.0.4)
    rspec (2.14.0)
      rspec-core (~> 2.14.0)
      rspec-expectations (~> 2.14.0)
      rspec-mocks (~> 2.14.0)
    rspec-core (2.14.1)
    rspec-expectations (2.14.0)
      diff-lcs (>= 1.1.3, < 2.0)
    rspec-mocks (2.14.1)

PLATFORMS
  ruby

DEPENDENCIES
  em-websocket
  eventmachine-tail
  eventmachine_httpserver
  rake
  rspec
